GEM
  remote: https://rubygems.org/
  specs:
    base64 (0.2.0)
    mini_portile2 (2.8.5)
    nokogiri (1.16.2)
      mini_portile2 (~> 2.8.2)
      racc (~> 1.4)
    racc (1.7.3)
    rexml (3.2.6)
    rubyzip (2.3.2)
    selenium-webdriver (4.17.0)
      base64 (~> 0.2)
      rexml (~> 3.2, >= 3.2.5)
      rubyzip (>= 1.2.2, < 3.0)
      websocket (~> 1.0)
    websocket (1.2.10)

PLATFORMS
  ruby

DEPENDENCIES
  nokogiri
  selenium-webdriver

BUNDLED WITH
   2.1.4
